PATH
  remote: vendor/gems/criteria_7_and_10-0.0.1
  specs:
    criteria_7_and_10 (0.0.1)

PATH
  remote: vendor/gems/criterion_10-0.0.1
  specs:
    criterion_10 (0.0.1)
      criteria_7_and_10

PATH
  remote: vendor/gems/criterion_11-0.0.1
  specs:
    criterion_11 (0.0.1)
      activemodel (= 3.1.0)
      activesupport (= 3.1.0)
      criterion_10
      criterion_7

PATH
  remote: vendor/gems/criterion_3-0.0.1
  specs:
    criterion_3 (0.0.1)
      activemodel (= 3.1.0)

PATH
  remote: vendor/gems/criterion_4-0.0.1
  specs:
    criterion_4 (0.0.1)
      activemodel (= 3.1.0)
      activesupport (= 3.1.0)

PATH
  remote: vendor/gems/criterion_5-0.0.1
  specs:
    criterion_5 (0.0.1)
      activemodel (= 3.1.0)

PATH
  remote: vendor/gems/criterion_7-0.0.1
  specs:
    criterion_7 (0.0.1)
      criteria_7_and_10

PATH
  remote: vendor/gems/fha_utilities-0.0.1
  specs:
    fha_utilities (0.0.1)
      activemodel (= 3.1.0)
      activesupport (= 3.1.0)

PATH
  remote: vendor/gems/hud_92013-0.0.1
  specs:
    hud_92013 (0.0.1)

PATH
  remote: vendor/gems/hud_92264-0.0.1
  specs:
    hud_92264 (0.0.1)

PATH
  remote: vendor/gems/sec223f_acquisition-0.0.1
  specs:
    sec223f_acquisition (0.0.1)
      criterion_11
      criterion_7
      fha_utilities
      hud_92013
      sec223f_cash_requirement
      sec_223f_common_behavior

PATH
  remote: vendor/gems/sec223f_cash_requirement-0.0.1
  specs:
    sec223f_cash_requirement (0.0.1)
      hud_92013
      hud_92264

PATH
  remote: vendor/gems/sec_223f_common_behavior-0.0.1
  specs:
    sec_223f_common_behavior (0.0.1)
      activemodel (= 3.1.0)
      criterion_3
      criterion_4
      criterion_5

PATH
  remote: vendor/gems/sec_223f_refinance-0.0.1
  specs:
    sec_223f_refinance (0.0.1)
      criterion_10
      criterion_11
      fha_utilities
      sec223f_cash_requirement
      sec_223f_common_behavior

GEM
  remote: http://rubygems.org/
  specs:
    actionmailer (3.1.0)
      actionpack (= 3.1.0)
      mail (~> 2.3.0)
    actionpack (3.1.0)
      activemodel (= 3.1.0)
      activesupport (= 3.1.0)
      builder (~> 3.0.0)
      erubis (~> 2.7.0)
      i18n (~> 0.6)
      rack (~> 1.3.2)
      rack-cache (~> 1.0.3)
      rack-mount (~> 0.8.2)
      rack-test (~> 0.6.1)
      sprockets (~> 2.0.0)
    activemodel (3.1.0)
      activesupport (= 3.1.0)
      bcrypt-ruby (~> 3.0.0)
      builder (~> 3.0.0)
      i18n (~> 0.6)
    activerecord (3.1.0)
      activemodel (= 3.1.0)
      activesupport (= 3.1.0)
      arel (~> 2.2.1)
      tzinfo (~> 0.3.29)
    activeresource (3.1.0)
      activemodel (= 3.1.0)
      activesupport (= 3.1.0)
    activesupport (3.1.0)
      multi_json (~> 1.0)
    arel (2.2.1)
    bcrypt-ruby (3.0.1)
    builder (3.0.0)
    capybara (1.1.2)
      mime-types (>= 1.16)
      nokogiri (>= 1.3.3)
      rack (>= 1.0.0)
      rack-test (>= 0.5.4)
      selenium-webdriver (~> 2.0)
      xpath (~> 0.1.4)
    childprocess (0.2.3)
      ffi (~> 1.0.6)
    coffee-filter (0.1.1)
      coffee-script (>= 2.2.0)
      haml (>= 3.0.18)
    coffee-rails (3.1.1)
      coffee-script (>= 2.2.0)
      railties (~> 3.1.0)
    coffee-script (2.2.0)
      coffee-script-source
      execjs
    coffee-script-source (1.1.3)
    cucumber (1.1.4)
      builder (>= 2.1.2)
      diff-lcs (>= 1.1.2)
      gherkin (~> 2.7.1)
      json (>= 1.4.6)
      term-ansicolor (>= 1.0.6)
    cucumber-rails (1.2.1)
      capybara (>= 1.1.2)
      cucumber (>= 1.1.3)
      nokogiri (>= 1.5.0)
    database_cleaner (0.7.0)
    diff-lcs (1.1.3)
    ejs (1.0.0)
    erubis (2.7.0)
    execjs (1.2.12)
      multi_json (~> 1.0)
    factory_girl (2.3.2)
      activesupport
    factory_girl_rails (1.4.0)
      factory_girl (~> 2.3.0)
      railties (>= 3.0.0)
    ffi (1.0.11)
    gherkin (2.7.1)
      json (>= 1.4.6)
    haml (3.1.4)
    hike (1.2.1)
    i18n (0.6.0)
    jquery-rails (1.0.19)
      railties (~> 3.0)
      thor (~> 0.14)
    json (1.6.3)
    mail (2.3.0)
      i18n (>= 0.4.0)
      mime-types (~> 1.16)
      treetop (~> 1.4.8)
    metaclass (0.0.1)
    mime-types (1.17.2)
    mocha (0.10.0)
      metaclass (~> 0.0.1)
    multi_json (1.0.4)
    nokogiri (1.5.0)
    pg (0.12.0)
      rake-compiler (~> 0.7)
    polyglot (0.3.3)
    rack (1.3.5)
    rack-cache (1.0.3)
      rack (>= 0.4)
    rack-mount (0.8.3)
      rack (>= 1.0.0)
    rack-ssl (1.3.2)
      rack
    rack-test (0.6.1)
      rack (>= 1.0)
    rails (3.1.0)
      actionmailer (= 3.1.0)
      actionpack (= 3.1.0)
      activerecord (= 3.1.0)
      activeresource (= 3.1.0)
      activesupport (= 3.1.0)
      bundler (~> 1.0)
      railties (= 3.1.0)
    rails-backbone (0.5.5)
      coffee-script (~> 2.2.0)
      ejs (~> 1.0.0)
      rails (~> 3.1.0)
    railties (3.1.0)
      actionpack (= 3.1.0)
      activesupport (= 3.1.0)
      rack-ssl (~> 1.3.2)
      rake (>= 0.8.7)
      rdoc (~> 3.4)
      thor (~> 0.14.6)
    rake (0.9.2.2)
    rake-compiler (0.7.9)
      rake
    rdoc (3.12)
      json (~> 1.4)
    recaptcha (0.3.4)
    rspec (2.6.0)
      rspec-core (~> 2.6.0)
      rspec-expectations (~> 2.6.0)
      rspec-mocks (~> 2.6.0)
    rspec-core (2.6.4)
    rspec-expectations (2.6.0)
      diff-lcs (~> 1.1.2)
    rspec-mocks (2.6.0)
    rspec-rails (2.6.1)
      actionpack (~> 3.0)
      activesupport (~> 3.0)
      railties (~> 3.0)
      rspec (~> 2.6.0)
    rubyzip (0.9.5)
    sass (3.1.11)
    sass-rails (3.1.5)
      actionpack (~> 3.1.0)
      railties (~> 3.1.0)
      sass (~> 3.1.10)
      tilt (~> 1.3.2)
    selenium-webdriver (2.15.0)
      childprocess (>= 0.2.1)
      ffi (~> 1.0.9)
      multi_json (~> 1.0.4)
      rubyzip
    sprockets (2.0.3)
      hike (~> 1.2)
      rack (~> 1.0)
      tilt (!= 1.3.0, ~> 1.1)
    term-ansicolor (1.0.7)
    thor (0.14.6)
    tilt (1.3.3)
    treetop (1.4.10)
      polyglot
      polyglot (>= 0.3.1)
    tzinfo (0.3.31)
    uglifier (1.2.0)
      execjs (>= 0.3.0)
      multi_json (>= 1.0.2)
    xpath (0.1.4)
      nokogiri (~> 1.3)

PLATFORMS
  ruby

DEPENDENCIES
  coffee-filter
  coffee-rails (~> 3.1.0)
  criteria_7_and_10 (= 0.0.1)!
  criterion_10 (= 0.0.1)!
  criterion_11 (= 0.0.1)!
  criterion_3 (= 0.0.1)!
  criterion_4 (= 0.0.1)!
  criterion_5 (= 0.0.1)!
  criterion_7 (= 0.0.1)!
  cucumber-rails
  database_cleaner
  factory_girl_rails
  fha_utilities (= 0.0.1)!
  haml
  hud_92013 (= 0.0.1)!
  hud_92264 (= 0.0.1)!
  jquery-rails
  json
  mocha
  pg
  rack-test (= 0.6.1)
  rails (= 3.1.0)
  rails-backbone
  recaptcha
  rspec (= 2.6.0)
  rspec-rails (~> 2.0)
  sass-rails (~> 3.1.0)
  sec223f_acquisition (= 0.0.1)!
  sec223f_cash_requirement (= 0.0.1)!
  sec_223f_common_behavior (= 0.0.1)!
  sec_223f_refinance (= 0.0.1)!
  uglifier
